GEM
  remote: https://rubygems.org/
  specs:
    iniparse (1.1.6)

PLATFORMS
  ruby

DEPENDENCIES
  iniparse
